GEM
  remote: http://rubygems.org/
  specs:
    curb (0.7.12)
    hashie (1.0.0)
    json (1.4.6)
    rack (1.2.1)
    sinatra (1.2.0)
      rack (~> 1.1)
      tilt (>= 1.2.2, < 2.0)
    tilt (1.2.2)
    zoopla (0.2.2)
      curb (~> 0.7.12)
      hashie (~> 1.0.0)
      json (~> 1.4.3)

PLATFORMS
  ruby

DEPENDENCIES
  sinatra
  zoopla
