GEM
  remote: http://rubygems.org/
  specs:
    curb (0.7.15)
    hashie (1.0.0)
    json (1.4.6)
    rack (1.3.0)
    shotgun (0.9)
      rack (>= 1.0)
    sinatra (1.2.6)
      rack (~> 1.1)
      tilt (>= 1.2.2, < 2.0)
    tilt (1.3.2)
    zoopla (0.2.3)
      curb (~> 0.7.12)
      hashie (~> 1.0.0)
      json (~> 1.4.3)

PLATFORMS
  ruby

DEPENDENCIES
  shotgun
  sinatra
  zoopla
